GEM
  remote: https://rubygems.org/
  specs:
    backports (3.6.4)
    faker (1.4.3)
      i18n (~> 0.5)
    i18n (0.7.0)
    multi_json (1.11.0)
    oj (2.12.7)
    puma (2.11.2)
      rack (>= 1.1, < 2.0)
    rack (1.6.1)
    rack-protection (1.5.3)
      rack
    rack-test (0.6.3)
      rack (>= 1.0)
    sinatra (1.4.6)
      rack (~> 1.4)
      rack-protection (~> 1.4)
      tilt (>= 1.3, < 3)
    sinatra-contrib (1.4.2)
      backports (>= 2.0)
      multi_json
      rack-protection
      rack-test
      sinatra (~> 1.4.0)
      tilt (~> 1.3)
    tilt (1.4.1)

PLATFORMS
  ruby

DEPENDENCIES
  faker
  multi_json
  oj
  puma
  sinatra
  sinatra-contrib
